PATH
  remote: .
  specs:
    neography-batch (1.0.0)

GEM
  remote: http://rubygems.org/
  specs:
    diff-lcs (1.2.4)
    httpclient (2.3.3)
    json (1.8.0)
    multi_json (1.7.7)
    neography (1.0.10)
      httpclient (>= 2.3.3)
      json (>= 1.7.7)
      multi_json (>= 1.3.2)
      os (>= 0.9.6)
      rubyzip (>= 0.9.7)
    os (0.9.6)
    rake (10.0.4)
    rspec (2.13.0)
      rspec-core (~> 2.13.0)
      rspec-expectations (~> 2.13.0)
      rspec-mocks (~> 2.13.0)
    rspec-core (2.13.1)
    rspec-expectations (2.13.0)
      diff-lcs (>= 1.1.3, < 2.0)
    rspec-mocks (2.13.1)
    rubyzip (0.9.9)

PLATFORMS
  ruby

DEPENDENCIES
  neography (>= 1.0.6)
  neography-batch!
  rake (>= 0.8.7)
  rspec (>= 2.11)
